GEM
  remote: http://rubygems.org/
  specs:
    cinch (2.0.3)
    cinch-identify (1.3.1)
      cinch (~> 2.0)
    faraday (0.8.5)
      multipart-post (~> 1.1)
    hashie (1.2.0)
    multi_json (1.2.0)
    multipart-post (1.1.5)
    sentry-raven (0.4.3)
      faraday (>= 0.7.6)
      hashie
      multi_json (~> 1.0)
      uuidtools
    uuidtools (2.1.3)

PLATFORMS
  java
  ruby
  x86-mingw32

DEPENDENCIES
  cinch (~> 2.0.3)
  cinch-identify (~> 1.3.1)
  sentry-raven (~> 0.4.3)
