GEM
  remote: https://rubygems.org/
  specs:
    cinch (2.0.4)
    cinch-identify (1.3.1)
      cinch (~> 2.0)
    faraday (0.8.7)
      multipart-post (~> 1.1)
    hashie (2.0.3)
    multi_json (1.2.0)
    multipart-post (1.2.0)
    puma (1.6.3)
      rack (~> 1.2)
    puma (1.6.3-java)
      rack (~> 1.2)
    rack (1.5.2)
    rack-protection (1.5.0)
      rack
    sentry-raven (0.4.5)
      faraday (>= 0.7.6)
      hashie
      multi_json (~> 1.0)
      uuidtools
    sinatra (1.4.2)
      rack (~> 1.5, >= 1.5.2)
      rack-protection (~> 1.4)
      tilt (~> 1.3, >= 1.3.4)
    tilt (1.3.6)
    uuidtools (2.1.3)

PLATFORMS
  java
  ruby
  x86-mingw32

DEPENDENCIES
  cinch (~> 2.0.3)
  cinch-identify (~> 1.3.1)
  multi_json (~> 1.2.0)
  puma (~> 1.6.3)
  sentry-raven (~> 0.4.3)
  sinatra (~> 1.4.2)
