GEM
  remote: http://rubygems.org/
  specs:
    cinch (2.0.3)
    cinch-identify (1.3.1)
      cinch (~> 2.0)

PLATFORMS
  ruby

DEPENDENCIES
  cinch (~> 2.0.3)
  cinch-identify (~> 1.3.1)
